GEM
  remote: https://rubygems.org/
  specs:
    POpen4 (0.1.4)
      Platform (>= 0.4.0)
      open4
    Platform (0.4.0)
    activesupport (6.0.0)
      concurrent-ruby (~> 1.0, >= 1.0.2)
      i18n (>= 0.7, < 2)
      minitest (~> 5.1)
      tzinfo (~> 1.1)
      zeitwerk (~> 2.1, >= 2.1.8)
    addressable (2.3.4)
    bonsai (1.4.8)
      activesupport (>= 3.0.3)
      builder (>= 3.0.0)
      i18n (>= 0.5.0)
      launchy (>= 0.3.7)
      liquid (>= 2.2.2)
      maruku (>= 0.6.0)
      rack
      sass
      sinatra (>= 1.0)
      tilt (>= 1.3)
      watch (>= 0.1.0)
      yui-compressor
    builder (3.2.0)
    concurrent-ruby (1.1.5)
    hpricot (0.8.6)
    i18n (1.7.0)
      concurrent-ruby (~> 1.0)
    launchy (2.3.0)
      addressable (~> 2.3)
    liquid (2.5.0)
    maruku (0.6.1)
      syntax (>= 1.0.0)
    minitest (5.13.0)
    mustache (0.99.4)
    mustermann (1.0.3)
    open4 (1.3.0)
    rack (2.0.8)
    rack-protection (2.0.7)
      rack
    rake (12.3.3)
    rdiscount (2.0.7.2)
    ronn (0.7.3)
      hpricot (>= 0.8.2)
      mustache (>= 0.7.0)
      rdiscount (>= 1.5.8)
    sass (3.2.8)
    sinatra (2.0.7)
      mustermann (~> 1.0)
      rack (~> 2.0)
      rack-protection (= 2.0.7)
      tilt (~> 2.0)
    syntax (1.0.0)
    thread_safe (0.3.6)
    tilt (2.0.10)
    tzinfo (1.2.5)
      thread_safe (~> 0.1)
    watch (0.1.0)
    yui-compressor (0.9.6)
      POpen4 (>= 0.1.4)
    zeitwerk (2.2.1)

PLATFORMS
  ruby

DEPENDENCIES
  bonsai
  maruku
  rake
  ronn
